GEM
  remote: https://rubygems.org/
  specs:
    rack (1.5.2)
    rack-livereload (0.3.13)
      rack

PLATFORMS
  ruby

DEPENDENCIES
  rack-livereload
